GEM
  remote: https://rubygems.org/
  specs:
    curb (0.8.6)
    mini_portile (0.6.0)
    nokogiri (1.6.3.1)
      mini_portile (= 0.6.0)

PLATFORMS
  ruby

DEPENDENCIES
  curb
  nokogiri
